RESTRICTION: >= net461
NUGET
  remote: https://www.nuget.org/api/v2
    FSharp.Core (4.3.3)
    NAudio (1.8.4)
    System.Buffers (4.4)
      System.Diagnostics.Debug (>= 4.3) - restriction: && (>= net461) (< netstandard2.0)
      System.Diagnostics.Tracing (>= 4.3) - restriction: && (>= net461) (< netstandard2.0)
      System.Resources.ResourceManager (>= 4.3) - restriction: && (>= net461) (< netstandard2.0)
      System.Runtime (>= 4.3) - restriction: && (>= net461) (< netstandard2.0)
      System.Threading (>= 4.3) - restriction: && (>= net461) (< netstandard2.0)
    System.Diagnostics.Debug (4.3) - restriction: && (>= net461) (< netstandard2.0)
    System.Diagnostics.Tracing (4.3) - restriction: && (>= net461) (< netstandard2.0)
    System.Memory (4.5.0-rc1)
      System.Buffers (>= 4.4)
      System.Numerics.Vectors (>= 4.4)
      System.Runtime.CompilerServices.Unsafe (>= 4.5.0-rc1)
    System.Numerics.Vectors (4.4)
    System.Resources.ResourceManager (4.3) - restriction: && (>= net461) (< netstandard2.0)
    System.Runtime (4.3) - restriction: && (>= net461) (< netstandard2.0)
    System.Runtime.CompilerServices.Unsafe (4.5.0-rc1)
    System.Threading (4.3) - restriction: && (>= net461) (< netstandard2.0)

GROUP Build
NUGET
  remote: https://www.nuget.org/api/v2
    FAKE (4.64.4)
